GEM
  remote: https://rubygems.org/
  specs:
    coderay (1.1.3)
    icalendar (2.8.0)
      ice_cube (~> 0.16)
    ice_cube (0.16.4)
    method_source (1.0.0)
    pry (0.14.1)
      coderay (~> 1.1)
      method_source (~> 1.0)
    rake (13.0.6)

PLATFORMS
  ruby

DEPENDENCIES
  icalendar
  pry
  rake

RUBY VERSION
   ruby 2.7.6p219

BUNDLED WITH
   2.1.4
